PATH
  remote: .
  specs:
    concourse-github-status (0.1.0)
      concourse-fuselage (~> 0.1, >= 0.1.0)
      git (~> 1.3, >= 1.3.0)
      octokit (~> 4.2, >= 4.2.0)

GEM
  remote: https://rubygems.org/
  specs:
    addressable (2.3.8)
    concourse-fuselage (0.1.0)
      contracts (~> 0.13, >= 0.13.0)
    contracts (0.13.0)
    faraday (0.9.2)
      multipart-post (>= 1.2, < 3)
    git (1.3.0)
    multipart-post (2.0.0)
    octokit (4.2.0)
      sawyer (~> 0.6.0, >= 0.5.3)
    sawyer (0.6.0)
      addressable (~> 2.3.5)
      faraday (~> 0.8, < 0.10)

PLATFORMS
  ruby

DEPENDENCIES
  concourse-github-status!

BUNDLED WITH
   1.11.2
